ObjectType = Image
NDims = 3
BinaryData = True
BinaryDataByteOrderMSB = False
CompressedData = False
TransformMatrix = 1 0 0 0 1 0 0 0 1
Offset = -12.0536 -12.0536 -17.4125
CenterOfRotation = 0 0 0
ElementSpacing = 0.892857 0.892857 4.975
DimSize = 28 28 8
AnatomicalOrientation = ???
ElementType = MET_FLOAT
ElementDataFile = c4content-Dose-Squared.raw
