ObjectType = Image
NDims = 3
BinaryData = True
BinaryDataByteOrderMSB = False
CompressedData = True
CompressedDataSize = 7251
TransformMatrix = 0.99999848481781073 -0.0016816642225249221 -0.00044985278189972844 0.0016766560719200059 0.99993907040369334 -0.010910742624300021 0.00046817357806379264 0.010909971844138904 0.99994037488635334
Offset = -308.18233029925995 -467.41715663634977 562.19114210738985
CenterOfRotation = 0 0 0
AnatomicalOrientation = RAI
ElementSpacing = 4.7951998710632013 4.7951998710632013 4.7951998710632013
DimSize = 128 128 47
ElementType = MET_USHORT
ElementDataFile = BG_cil1_tripla.zraw
