ObjectType = Image
NDims = 3
BinaryData = True
BinaryDataByteOrderMSB = False
CompressedData = False
TransformMatrix = 1 0 0 0 1 0 0 0 1
Offset = -3.6 -3.6 -17.4125
CenterOfRotation = 0 0 0
ElementSpacing = 0.8 0.8 4.975
DimSize = 10 10 8
AnatomicalOrientation = ???
ElementType = MET_FLOAT
ElementDataFile = c1content-Dose.raw
